GEM
  remote: https://rubygems.org/
  specs:
    bindata (2.1.0)

PLATFORMS
  ruby

DEPENDENCIES
  bindata
